GEM
  remote: https://rubygems.org/
  specs:
    asciidoctor (2.0.17)
    asciidoctor-server (0.4.0)
      asciidoctor (~> 2.0)
      grpc (~> 1.0)
      logging (~> 1.0)
      optparse (~> 0.3.1)
    google-protobuf (3.25.1)
    googleapis-common-protos-types (1.11.0)
      google-protobuf (~> 3.18)
    grpc (1.60.0)
      google-protobuf (~> 3.25)
      googleapis-common-protos-types (~> 1.0)
    little-plugger (1.1.4)
    logging (1.8.2)
      little-plugger (>= 1.1.3)
      multi_json (>= 1.8.4)
    multi_json (1.15.0)
    optparse (0.3.1)

PLATFORMS
  ruby

DEPENDENCIES
  asciidoctor (~> 2.0, >= 2.0.17)
  asciidoctor-server (~> 0.4.0)

BUNDLED WITH
   2.3.26
